PATH
  remote: .
  specs:
    dotbot (0.1.1)
      thor

GEM
  remote: https://rubygems.org/
  specs:
    rake (10.5.0)
    thor (0.20.0)

PLATFORMS
  ruby

DEPENDENCIES
  bundler (~> 1.16)
  dotbot!
  rake (~> 10.0)

BUNDLED WITH
   1.16.1
